GEM
  remote: https://rubygems.org/
  specs:
    actioncable (7.1.5.1)
      actionpack (= 7.1.5.1)
      activesupport (= 7.1.5.1)
      nio4r (~> 2.0)
      websocket-driver (>= 0.6.1)
      zeitwerk (~> 2.6)
    actionmailbox (7.1.5.1)
      actionpack (= 7.1.5.1)
      activejob (= 7.1.5.1)
      activerecord (= 7.1.5.1)
      activestorage (= 7.1.5.1)
      activesupport (= 7.1.5.1)
      mail (>= 2.7.1)
      net-imap
      net-pop
      net-smtp
    actionmailer (7.1.5.1)
      actionpack (= 7.1.5.1)
      actionview (= 7.1.5.1)
      activejob (= 7.1.5.1)
      activesupport (= 7.1.5.1)
      mail (~> 2.5, >= 2.5.4)
      net-imap
      net-pop
      net-smtp
      rails-dom-testing (~> 2.2)
    actionpack (7.1.5.1)
      actionview (= 7.1.5.1)
      activesupport (= 7.1.5.1)
      nokogiri (>= 1.8.5)
      racc
      rack (>= 2.2.4)
      rack-session (>= 1.0.1)
      rack-test (>= 0.6.3)
      rails-dom-testing (~> 2.2)
      rails-html-sanitizer (~> 1.6)
    actionpack-page_caching (1.2.4)
      actionpack (>= 4.0.0)
    actiontext (7.1.5.1)
      actionpack (= 7.1.5.1)
      activerecord (= 7.1.5.1)
      activestorage (= 7.1.5.1)
      activesupport (= 7.1.5.1)
      globalid (>= 0.6.0)
      nokogiri (>= 1.8.5)
    actionview (7.1.5.1)
      activesupport (= 7.1.5.1)
      builder (~> 3.1)
      erubi (~> 1.11)
      rails-dom-testing (~> 2.2)
      rails-html-sanitizer (~> 1.6)
    active_record_doctor (1.15.0)
      activerecord (>= 4.2.0)
    activejob (7.1.5.1)
      activesupport (= 7.1.5.1)
      globalid (>= 0.3.6)
    activemodel (7.1.5.1)
      activesupport (= 7.1.5.1)
    activerecord (7.1.5.1)
      activemodel (= 7.1.5.1)
      activesupport (= 7.1.5.1)
      timeout (>= 0.4.0)
    activestorage (7.1.5.1)
      actionpack (= 7.1.5.1)
      activejob (= 7.1.5.1)
      activerecord (= 7.1.5.1)
      activesupport (= 7.1.5.1)
      marcel (~> 1.0)
    activesupport (7.1.5.1)
      base64
      benchmark (>= 0.3)
      bigdecimal
      concurrent-ruby (~> 1.0, >= 1.0.2)
      connection_pool (>= 2.2.5)
      drb
      i18n (>= 1.6, < 2)
      logger (>= 1.4.2)
      minitest (>= 5.1)
      mutex_m
      securerandom (>= 0.3)
      tzinfo (~> 2.0)
    annotate (3.2.0)
      activerecord (>= 3.2, < 8.0)
      rake (>= 10.4, < 14.0)
    apipie-rails (1.4.2)
      actionpack (>= 5.0)
      activesupport (>= 5.0)
    ast (2.4.3)
    autoprefixer-rails (10.4.21.0)
      execjs (~> 2)
    base64 (0.2.0)
    bcrypt (3.1.20)
    benchmark (0.4.0)
    better_errors (2.10.1)
      erubi (>= 1.0.0)
      rack (>= 0.9.0)
      rouge (>= 1.0.0)
    bigdecimal (3.1.9)
    bindex (0.8.1)
    binding_of_caller (1.0.1)
      debug_inspector (>= 1.2.0)
    bootsnap (1.18.6)
      msgpack (~> 1.2)
    bootstrap-sass (3.4.1)
      autoprefixer-rails (>= 5.2.1)
      sassc (>= 2.0.0)
    bootswatch-rails (3.3.5)
      railties (>= 3.1)
    brakeman (7.0.2)
      racc
    builder (3.3.0)
    bullet (8.0.7)
      activesupport (>= 3.0.0)
      uniform_notifier (~> 1.11)
    byebug (12.0.0)
    chronic (0.10.2)
    coderay (1.1.3)
    concurrent-ruby (1.3.5)
    connection_pool (2.5.3)
    crass (1.0.6)
    dalli (3.2.8)
    date (3.4.1)
    debug_inspector (1.2.0)
    devise (4.9.4)
      bcrypt (~> 3.0)
      orm_adapter (~> 0.1)
      railties (>= 4.1.0)
      responders
      warden (~> 1.2.3)
    diff-lcs (1.6.2)
    dotenv (3.1.8)
    dotenv-rails (3.1.8)
      dotenv (= 3.1.8)
      railties (>= 6.1)
    drb (2.2.3)
    erb (5.0.1)
    erubi (1.13.1)
    execjs (2.10.0)
    fast_blank (1.0.1)
    ffi (1.17.2-x86_64-linux-gnu)
    fx (0.9.0)
      activerecord (>= 7.0)
      railties (>= 7.0)
    globalid (1.2.1)
      activesupport (>= 6.1)
    i18n (1.14.7)
      concurrent-ruby (~> 1.0)
    io-console (0.8.0)
    irb (1.15.2)
      pp (>= 0.6.0)
      rdoc (>= 4.0.0)
      reline (>= 0.4.2)
    jbuilder (2.13.0)
      actionview (>= 5.0.0)
      activesupport (>= 5.0.0)
    jquery-rails (4.6.0)
      rails-dom-testing (>= 1, < 3)
      railties (>= 4.2.0)
      thor (>= 0.14, < 2.0)
    jquery-ui-rails (8.0.0)
      railties (>= 3.2.16)
    json (2.12.2)
    language_server-protocol (3.17.0.5)
    lint_roller (1.1.0)
    listen (3.9.0)
      rb-fsevent (~> 0.10, >= 0.10.3)
      rb-inotify (~> 0.9, >= 0.9.10)
    logger (1.7.0)
    loofah (2.24.1)
      crass (~> 1.0.2)
      nokogiri (>= 1.12.0)
    mail (2.8.1)
      mini_mime (>= 0.1.1)
      net-imap
      net-pop
      net-smtp
    marcel (1.0.4)
    method_source (1.1.0)
    mina (1.2.5)
      rake
    mini_mime (1.1.5)
    minitest (5.25.5)
    msgpack (1.8.0)
    multi_json (1.15.0)
    multi_xml (0.7.2)
      bigdecimal (~> 3.1)
    mutex_m (0.3.0)
    net-imap (0.5.8)
      date
      net-protocol
    net-pop (0.1.2)
      net-protocol
    net-protocol (0.2.2)
      timeout
    net-smtp (0.5.1)
      net-protocol
    nio4r (2.7.4)
    nokogiri (1.18.8-x86_64-linux-gnu)
      racc (~> 1.4)
    oj (3.16.10)
      bigdecimal (>= 3.0)
      ostruct (>= 0.2)
    orm_adapter (0.5.0)
    ostruct (0.6.1)
    pagy (9.3.4)
    parallel (1.27.0)
    parser (3.3.8.0)
      ast (~> 2.4.1)
      racc
    pg (1.5.9)
    pp (0.6.2)
      prettyprint
    prettyprint (0.2.0)
    prism (1.4.0)
    pry (0.15.2)
      coderay (~> 1.1)
      method_source (~> 1.0)
    pry-rails (0.3.11)
      pry (>= 0.13.0)
    psych (5.2.6)
      date
      stringio
    puma (6.6.0)
      nio4r (~> 2.0)
    racc (1.8.1)
    rack (3.1.15)
    rack-mini-profiler (3.3.1)
      rack (>= 1.2.0)
    rack-session (2.1.1)
      base64 (>= 0.1.0)
      rack (>= 3.0.0)
    rack-test (2.2.0)
      rack (>= 1.3)
    rackup (2.2.1)
      rack (>= 3)
    rails (7.1.5.1)
      actioncable (= 7.1.5.1)
      actionmailbox (= 7.1.5.1)
      actionmailer (= 7.1.5.1)
      actionpack (= 7.1.5.1)
      actiontext (= 7.1.5.1)
      actionview (= 7.1.5.1)
      activejob (= 7.1.5.1)
      activemodel (= 7.1.5.1)
      activerecord (= 7.1.5.1)
      activestorage (= 7.1.5.1)
      activesupport (= 7.1.5.1)
      bundler (>= 1.15.0)
      railties (= 7.1.5.1)
    rails-dom-testing (2.3.0)
      activesupport (>= 5.0.0)
      minitest
      nokogiri (>= 1.6)
    rails-html-sanitizer (1.6.2)
      loofah (~> 2.21)
      nokogiri (>= 1.15.7, != 1.16.7, != 1.16.6, != 1.16.5, != 1.16.4, != 1.16.3, != 1.16.2, != 1.16.1, != 1.16.0.rc1, != 1.16.0)
    rails-jquery-autocomplete (1.0.5)
      rails (>= 3.2)
    railties (7.1.5.1)
      actionpack (= 7.1.5.1)
      activesupport (= 7.1.5.1)
      irb
      rackup (>= 1.0.0)
      rake (>= 12.2)
      thor (~> 1.0, >= 1.2.2)
      zeitwerk (~> 2.6)
    rainbow (3.1.1)
    rake (13.2.1)
    rb-fsevent (0.11.2)
    rb-inotify (0.11.1)
      ffi (~> 1.0)
    rdoc (6.14.0)
      erb
      psych (>= 4.0.0)
    regexp_parser (2.10.0)
    reline (0.6.1)
      io-console (~> 0.5)
    responders (3.1.1)
      actionpack (>= 5.2)
      railties (>= 5.2)
    rollbar (3.6.2)
    rouge (4.5.2)
    rspec-core (3.13.3)
      rspec-support (~> 3.13.0)
    rspec-expectations (3.13.4)
      diff-lcs (>= 1.2.0, < 2.0)
      rspec-support (~> 3.13.0)
    rspec-mocks (3.13.4)
      diff-lcs (>= 1.2.0, < 2.0)
      rspec-support (~> 3.13.0)
    rspec-rails (7.1.1)
      actionpack (>= 7.0)
      activesupport (>= 7.0)
      railties (>= 7.0)
      rspec-core (~> 3.13)
      rspec-expectations (~> 3.13)
      rspec-mocks (~> 3.13)
      rspec-support (~> 3.13)
    rspec-support (3.13.3)
    rubocop (1.75.7)
      json (~> 2.3)
      language_server-protocol (~> 3.17.0.2)
      lint_roller (~> 1.1.0)
      parallel (~> 1.10)
      parser (>= 3.3.0.2)
      rainbow (>= 2.2.2, < 4.0)
      regexp_parser (>= 2.9.3, < 3.0)
      rubocop-ast (>= 1.44.0, < 2.0)
      ruby-progressbar (~> 1.7)
      unicode-display_width (>= 2.4.0, < 4.0)
    rubocop-ast (1.44.1)
      parser (>= 3.3.7.2)
      prism (~> 1.4)
    rubocop-performance (1.25.0)
      lint_roller (~> 1.1)
      rubocop (>= 1.75.0, < 2.0)
      rubocop-ast (>= 1.38.0, < 2.0)
    rubocop-rails (2.32.0)
      activesupport (>= 4.2.0)
      lint_roller (~> 1.1)
      rack (>= 1.1)
      rubocop (>= 1.75.0, < 2.0)
      rubocop-ast (>= 1.44.0, < 2.0)
    rubocop-rspec (3.6.0)
      lint_roller (~> 1.1)
      rubocop (~> 1.72, >= 1.72.1)
    rubocop-rspec_rails (2.31.0)
      lint_roller (~> 1.1)
      rubocop (~> 1.72, >= 1.72.1)
      rubocop-rspec (~> 3.5)
    rubocop-shopify (2.17.0)
      rubocop (~> 1.62)
    ruby-progressbar (1.13.0)
    sass-rails (6.0.0)
      sassc-rails (~> 2.1, >= 2.1.1)
    sassc (2.4.0)
      ffi (~> 1.9)
    sassc-rails (2.1.2)
      railties (>= 4.0.0)
      sassc (>= 2.0)
      sprockets (> 3.0)
      sprockets-rails
      tilt
    securerandom (0.4.1)
    shoulda-matchers (6.5.0)
      activesupport (>= 5.2.0)
    slim (5.2.1)
      temple (~> 0.10.0)
      tilt (>= 2.1.0)
    slim-rails (3.7.0)
      actionpack (>= 3.1)
      railties (>= 3.1)
      slim (>= 3.0, < 6.0, != 5.0.0)
    sprockets (4.2.2)
      concurrent-ruby (~> 1.0)
      logger
      rack (>= 2.2.4, < 4)
    sprockets-rails (3.5.2)
      actionpack (>= 6.1)
      activesupport (>= 6.1)
      sprockets (>= 3.0.0)
    steam-condenser (1.3.11)
      multi_json (~> 1.6)
      multi_xml (~> 0.5)
    stringio (3.1.7)
    temple (0.10.3)
    thor (1.3.2)
    tiddle (1.8.1)
      activerecord (>= 6.1.0)
      devise (>= 4.0.0.rc1, < 5)
    tilt (2.6.0)
    timeout (0.4.3)
    turbolinks (5.2.1)
      turbolinks-source (~> 5.2)
    turbolinks-source (5.2.0)
    tzinfo (2.0.6)
      concurrent-ruby (~> 1.0)
    uglifier (4.2.1)
      execjs (>= 0.3.0, < 3)
    unicode-display_width (3.1.4)
      unicode-emoji (~> 4.0, >= 4.0.4)
    unicode-emoji (4.0.4)
    uniform_notifier (1.17.0)
    warden (1.2.9)
      rack (>= 2.0.9)
    web-console (4.2.1)
      actionview (>= 6.0.0)
      activemodel (>= 6.0.0)
      bindex (>= 0.4.0)
      railties (>= 6.0.0)
    websocket-driver (0.8.0)
      base64
      websocket-extensions (>= 0.1.0)
    websocket-extensions (0.1.5)
    whenever (1.0.0)
      chronic (>= 0.6.3)
    zeitwerk (2.7.3)

PLATFORMS
  x86_64-linux

DEPENDENCIES
  actionpack-page_caching
  active_record_doctor
  annotate
  apipie-rails
  better_errors
  binding_of_caller
  bootsnap (>= 1.1.0)
  bootstrap-sass (~> 3.4)
  bootswatch-rails (~> 3.3)
  brakeman
  bullet
  byebug
  dalli
  devise
  dotenv-rails
  fast_blank
  fx
  jbuilder
  jquery-rails
  jquery-ui-rails
  listen
  mina
  oj
  pagy
  pg
  pry-rails
  puma
  rack-mini-profiler
  rails (~> 7.1.3)
  rails-jquery-autocomplete
  rollbar
  rspec-rails
  rubocop
  rubocop-performance
  rubocop-rails
  rubocop-rspec
  rubocop-rspec_rails
  rubocop-shopify
  ruby-progressbar
  sass-rails
  shoulda-matchers
  slim-rails
  steam-condenser
  tiddle
  turbolinks
  uglifier
  web-console
  whenever

CHECKSUMS
  actioncable (7.1.5.1) sha256=764637b5b2d97b94e412d562c177bfd16b0fd769d55c98846362f5263e8aaa0d
  actionmailbox (7.1.5.1) sha256=c3c20589fe43e6fa88bba2d76a6f9805ffdd02531f4a9a4af8197d59f5a5360a
  actionmailer (7.1.5.1) sha256=b213d6d880b23b093ccfef3b4f87a3d27e4666442f71b5b634b2d19e19a49759
  actionpack (7.1.5.1) sha256=2bc263d9f43f16cc3b3360f59659ab11f140577602f371f1a968e2672b38d718
  actionpack-page_caching (1.2.4) sha256=867e8c387ff7120c144262172c1d58d6fd74b441313b1edc7cfa2153777898f1
  actiontext (7.1.5.1) sha256=b8e261cfad5bc6a78b3f15be5e7c7f32190041b3dc6f027a3a353b4392d2f7ec
  actionview (7.1.5.1) sha256=8c559a213501798e29b50b5341a643a70bbf6fa0aa2abaf571d0efc59dc4f6aa
  active_record_doctor (1.15.0) sha256=614a49e259a679d17cbc62dead9217acaf7191a371115606132473123b426b13
  activejob (7.1.5.1) sha256=7633376c857f4c491d06b5a7f5d86d9f07afc595398354a3f1abe80eb7e35767
  activemodel (7.1.5.1) sha256=74727466854a7fbdfe8f2702ca3112b23877500d4926bf7e02e921ad542191f1
  activerecord (7.1.5.1) sha256=f40ad1609bf33b9ba5bdc4e16d80a77b1517153234ceb413d31d635d7b91f1e3
  activestorage (7.1.5.1) sha256=ae6b8b076858c666eaad6f896d786b67654235e861e24a83f61f1cc97b43ff63
  activesupport (7.1.5.1) sha256=9f0c482e473b9868cb3dfe3e9db549a3bd2302c02e4f595a5caac144a8c7cfb8
  annotate (3.2.0) sha256=9a61baa1fb13880aa3a8d9f62553889bb2a3b7970f88bbc66d3ac75a567780d3
  apipie-rails (1.4.2) sha256=16bc9a793337abd54b5c17d588ba45665b4ff44cffb9aca66704190643608270
  ast (2.4.3) sha256=954615157c1d6a382bc27d690d973195e79db7f55e9765ac7c481c60bdb4d383
  autoprefixer-rails (10.4.21.0) sha256=71b48caf850fc25275abd96f0b1fdd51c82e1c9b99cd30085cacb05da9c70235
  base64 (0.2.0) sha256=0f25e9b21a02a0cc0cea8ef92b2041035d39350946e8789c562b2d1a3da01507
  bcrypt (3.1.20) sha256=8410f8c7b3ed54a3c00cd2456bf13917d695117f033218e2483b2e40b0784099
  benchmark (0.4.0) sha256=0f12f8c495545e3710c3e4f0480f63f06b4c842cc94cec7f33a956f5180e874a
  better_errors (2.10.1) sha256=f798f1bac93f3e775925b7fcb24cffbcf0bb62ee2210f5350f161a6b75fc0a73
  bigdecimal (3.1.9) sha256=2ffc742031521ad69c2dfc815a98e426a230a3d22aeac1995826a75dabfad8cc
  bindex (0.8.1) sha256=7b1ecc9dc539ed8bccfc8cb4d2732046227b09d6f37582ff12e50a5047ceb17e
  binding_of_caller (1.0.1) sha256=2b2902abff4246ddcfbc4da9b69bc4a019e22aeb300c2ff6289a173d4b90b29a
  bootsnap (1.18.6) sha256=0ae2393c1e911e38be0f24e9173e7be570c3650128251bf06240046f84a07d00
  bootstrap-sass (3.4.1) sha256=ba4673535eb0a8334a39a258ea8d81904832f47607069d0a1735b0937645c7df
  bootswatch-rails (3.3.5) sha256=0a3ad8b89ad5a565899f21e23637399cfbfccf8e1f733de21c908a2355c2c714
  brakeman (7.0.2) sha256=b602d91bcec6c5ce4d4bc9e081e01f621c304b7a69f227d1e58784135f333786
  builder (3.3.0) sha256=497918d2f9dca528fdca4b88d84e4ef4387256d984b8154e9d5d3fe5a9c8835f
  bullet (8.0.7) sha256=7d20550e81b38940e82c6166f483ab330df3cd5ef4eafc9e787934805ee379f1
  byebug (12.0.0) sha256=d4a150d291cca40b66ec9ca31f754e93fed8aa266a17335f71bb0afa7fca1a1e
  chronic (0.10.2) sha256=766f2fcce6ac3cc152249ed0f2b827770d3e517e2e87c5fba7ed74f4889d2dc3
  coderay (1.1.3) sha256=dc530018a4684512f8f38143cd2a096c9f02a1fc2459edcfe534787a7fc77d4b
  concurrent-ruby (1.3.5) sha256=813b3e37aca6df2a21a3b9f1d497f8cbab24a2b94cab325bffe65ee0f6cbebc6
  connection_pool (2.5.3) sha256=cfd74a82b9b094d1ce30c4f1a346da23ee19dc8a062a16a85f58eab1ced4305b
  crass (1.0.6) sha256=dc516022a56e7b3b156099abc81b6d2b08ea1ed12676ac7a5657617f012bd45d
  dalli (3.2.8) sha256=2e63595084d91fae2655514a02c5d4fc0f16c0799893794abe23bf628bebaaa5
  date (3.4.1) sha256=bf268e14ef7158009bfeaec40b5fa3c7271906e88b196d958a89d4b408abe64f
  debug_inspector (1.2.0) sha256=9bdfa02eebc3da163833e6a89b154084232f5766087e59573b70521c77ea68a2
  devise (4.9.4) sha256=920042fe5e704c548aa4eb65ebdd65980b83ffae67feb32c697206bfd975a7f8
  diff-lcs (1.6.2) sha256=9ae0d2cba7d4df3075fe8cd8602a8604993efc0dfa934cff568969efb1909962
  dotenv (3.1.8) sha256=9e1176060ced581f8e6ce4384e91361817763a76e3c625c8bddc18b35bd392c3
  dotenv-rails (3.1.8) sha256=46c9d1226a8b58a83b5f61325aa8cffd25cea1c0fafdfbbbee1e5dfea77980c4
  drb (2.2.3) sha256=0b00d6fdb50995fe4a45dea13663493c841112e4068656854646f418fda13373
  erb (5.0.1) sha256=760439803b36cc93eca8a266aab614614e588024a89bc30a62e78d98ff452c23
  erubi (1.13.1) sha256=a082103b0885dbc5ecf1172fede897f9ebdb745a4b97a5e8dc63953db1ee4ad9
  execjs (2.10.0) sha256=6bcb8be8f0052ff9d370b65d1c080f2406656e150452a0abdb185a133048450d
  fast_blank (1.0.1) sha256=269fc30414fed4e6403bc4a49081e1ea539f8b9226e59276ed1efaefabaa17ea
  ffi (1.17.2-x86_64-linux-gnu) sha256=05d2026fc9dbb7cfd21a5934559f16293815b7ce0314846fee2ac8efbdb823ea
  fx (0.9.0) sha256=9197b8ab2f7814da17d137cd98eb7a72706d7ab87aacf803237ed014baa06d0a
  globalid (1.2.1) sha256=70bf76711871f843dbba72beb8613229a49429d1866828476f9c9d6ccc327ce9
  i18n (1.14.7) sha256=ceba573f8138ff2c0915427f1fc5bdf4aa3ab8ae88c8ce255eb3ecf0a11a5d0f
  io-console (0.8.0) sha256=cd6a9facbc69871d69b2cb8b926fc6ea7ef06f06e505e81a64f14a470fddefa2
  irb (1.15.2) sha256=222f32952e278da34b58ffe45e8634bf4afc2dc7aa9da23fed67e581aa50fdba
  jbuilder (2.13.0) sha256=7200a38a1c0081aa81b7a9757e7a299db75bc58cf1fd45ca7919a91627d227d6
  jquery-rails (4.6.0) sha256=3c4e6bf47274340b44d836b8aa1b5472c6d451e2739af5ec094421f39025a7e2
  jquery-ui-rails (8.0.0) sha256=e198f0ccd84587bc1030e79333db5fdb1100c8d459ed378ff285f57720f6b9c9
  json (2.12.2) sha256=ba94a48ad265605c8fa9a50a5892f3ba6a02661aa010f638211f3cb36f44abf4
  language_server-protocol (3.17.0.5) sha256=fd1e39a51a28bf3eec959379985a72e296e9f9acfce46f6a79d31ca8760803cc
  lint_roller (1.1.0) sha256=2c0c845b632a7d172cb849cc90c1bce937a28c5c8ccccb50dfd46a485003cc87
  listen (3.9.0) sha256=db9e4424e0e5834480385197c139cb6b0ae0ef28cc13310cfd1ca78377d59c67
  logger (1.7.0) sha256=196edec7cc44b66cfb40f9755ce11b392f21f7967696af15d274dde7edff0203
  loofah (2.24.1) sha256=655a30842b70ec476410b347ab1cd2a5b92da46a19044357bbd9f401b009a337
  mail (2.8.1) sha256=ec3b9fadcf2b3755c78785cb17bc9a0ca9ee9857108a64b6f5cfc9c0b5bfc9ad
  marcel (1.0.4) sha256=0d5649feb64b8f19f3d3468b96c680bae9746335d02194270287868a661516a4
  method_source (1.1.0) sha256=181301c9c45b731b4769bc81e8860e72f9161ad7d66dd99103c9ab84f560f5c5
  mina (1.2.5) sha256=e8c4148c8b15a5e364026e0589a2acb85225a7fac02cf8dd14d2259a4eabd42b
  mini_mime (1.1.5) sha256=8681b7e2e4215f2a159f9400b5816d85e9d8c6c6b491e96a12797e798f8bccef
  minitest (5.25.5) sha256=391b6c6cb43a4802bfb7c93af1ebe2ac66a210293f4a3fb7db36f2fc7dc2c756
  msgpack (1.8.0) sha256=e64ce0212000d016809f5048b48eb3a65ffb169db22238fb4b72472fecb2d732
  multi_json (1.15.0) sha256=1fd04138b6e4a90017e8d1b804c039031399866ff3fbabb7822aea367c78615d
  multi_xml (0.7.2) sha256=307a96dc48613badb7b2fc174fd4e62d7c7b619bc36ea33bfd0c49f64f5787ce
  mutex_m (0.3.0) sha256=cfcb04ac16b69c4813777022fdceda24e9f798e48092a2b817eb4c0a782b0751
  net-imap (0.5.8) sha256=52aa5fdfc1a8a3df1f793b20a327e95b5a9dfe1d733e1f0d53075d2dbcfcf593
  net-pop (0.1.2) sha256=848b4e982013c15b2f0382792268763b748cce91c9e91e36b0f27ed26420dff3
  net-protocol (0.2.2) sha256=aa73e0cba6a125369de9837b8d8ef82a61849360eba0521900e2c3713aa162a8
  net-smtp (0.5.1) sha256=ed96a0af63c524fceb4b29b0d352195c30d82dd916a42f03c62a3a70e5b70736
  nio4r (2.7.4) sha256=d95dee68e0bb251b8ff90ac3423a511e3b784124e5db7ff5f4813a220ae73ca9
  nokogiri (1.18.8-x86_64-linux-gnu) sha256=4a747875db873d18a2985ee2c320a6070c4a414ad629da625fbc58d1a20e5ecc
  oj (3.16.10) sha256=7f26bed974e331e16d579b470b0865010757f6fe6ee30ea9b67df653fbe13d7c
  orm_adapter (0.5.0) sha256=aa5d0be5d540cbb46d3a93e88061f4ece6a25f6e97d6a47122beb84fe595e9b9
  ostruct (0.6.1) sha256=09a3fb7ecc1fa4039f25418cc05ae9c82bd520472c5c6a6f515f03e4988cb817
  pagy (9.3.4) sha256=b058e064bd02237e76d591e90fadc02c795426dd51f90d0c51089558bf3ab5f7
  parallel (1.27.0) sha256=4ac151e1806b755fb4e2dc2332cbf0e54f2e24ba821ff2d3dcf86bf6dc4ae130
  parser (3.3.8.0) sha256=2476364142b307fa5a1b1ece44f260728be23858a9c71078e956131a75453c45
  pg (1.5.9) sha256=761efbdf73b66516f0c26fcbe6515dc7500c3f0aa1a1b853feae245433c64fdc
  pp (0.6.2) sha256=947ec3120c6f92195f8ee8aa25a7b2c5297bb106d83b41baa02983686577b6ff
  prettyprint (0.2.0) sha256=2bc9e15581a94742064a3cc8b0fb9d45aae3d03a1baa6ef80922627a0766f193
  prism (1.4.0) sha256=dc0e3e00e93160213dc2a65519d9002a4a1e7b962db57d444cf1a71565bb703e
  pry (0.15.2) sha256=12d54b8640d3fa29c9211dd4ffb08f3fd8bf7a4fd9b5a73ce5b59c8709385b6b
  pry-rails (0.3.11) sha256=a69e28e24a34d75d1f60bcf241192a54253f8f7ef8a62cba1e75750a9653593d
  psych (5.2.6) sha256=814328aa5dcb6d604d32126a20bc1cbcf05521a5b49dbb1a8b30a07e580f316e
  puma (6.6.0) sha256=f25c06873eb3d5de5f0a4ebc783acc81a4ccfe580c760cfe323497798018ad87
  racc (1.8.1) sha256=4a7f6929691dbec8b5209a0b373bc2614882b55fc5d2e447a21aaa691303d62f
  rack (3.1.15) sha256=d12b3e9960d18a26ded961250f2c0e3b375b49ff40dbe6786e9c3b160cbffca4
  rack-mini-profiler (3.3.1) sha256=2bf0de7d5795f54581e453b248e42cc50e8d0529efac73828653a9ad2407a801
  rack-session (2.1.1) sha256=0b6dc07dea7e4b583f58a48e8b806d4c9f1c6c9214ebc202ec94562cbea2e4e9
  rack-test (2.2.0) sha256=005a36692c306ac0b4a9350355ee080fd09ddef1148a5f8b2ac636c720f5c463
  rackup (2.2.1) sha256=f737191fd5c5b348b7f0a4412a3b86383f88c43e13b8217b63d4c8d90b9e798d
  rails (7.1.5.1) sha256=05aea2ed7b6392b41ce0fc11455de118455025a431b6ea334a7ac2b101608804
  rails-dom-testing (2.3.0) sha256=8acc7953a7b911ca44588bf08737bc16719f431a1cc3091a292bca7317925c1d
  rails-html-sanitizer (1.6.2) sha256=35fce2ca8242da8775c83b6ba9c1bcaad6751d9eb73c1abaa8403475ab89a560
  rails-jquery-autocomplete (1.0.5) sha256=9f842570f784c4cb28826af3f49502670c700731b6e70aadb0d3fe17ae4d7089
  railties (7.1.5.1) sha256=0be15562e2ded4efdc1b6c30f884b6d838c9ba49573dde042334b752b043e2fb
  rainbow (3.1.1) sha256=039491aa3a89f42efa1d6dec2fc4e62ede96eb6acd95e52f1ad581182b79bc6a
  rake (13.2.1) sha256=46cb38dae65d7d74b6020a4ac9d48afed8eb8149c040eccf0523bec91907059d
  rb-fsevent (0.11.2) sha256=43900b972e7301d6570f64b850a5aa67833ee7d87b458ee92805d56b7318aefe
  rb-inotify (0.11.1) sha256=a0a700441239b0ff18eb65e3866236cd78613d6b9f78fea1f9ac47a85e47be6e
  rdoc (6.14.0) sha256=2c46de58d7129b8743fcf6d76e3db971bdc914150e15ac06b386549bd82ed7db
  regexp_parser (2.10.0) sha256=cb6f0ddde88772cd64bff1dbbf68df66d376043fe2e66a9ef77fcb1b0c548c61
  reline (0.6.1) sha256=1afcc9d7cb1029cdbe780d72f2f09251ce46d3780050f3ec39c3ccc6b60675fb
  responders (3.1.1) sha256=92f2a87e09028347368639cfb468f5fefa745cb0dc2377ef060db1cdd79a341a
  rollbar (3.6.2) sha256=f74de2cb146bfadfc7ae76ce3516f9b08a56e818684232b8b38552b50ee51a63
  rouge (4.5.2) sha256=034233fb8a69d0ad0e0476943184e04cb971b68e3c2239724e02f428878b68a3
  rspec-core (3.13.3) sha256=25136507f4f9cf2e8977a2851e64e438b4331646054e345998714108745cdfe4
  rspec-expectations (3.13.4) sha256=4e43459765dfee900b25aa1361e106ab0799895ede65fc57872069feb559ecd8
  rspec-mocks (3.13.4) sha256=6bb158a0719c53d522104ed34c0777b884b2c9dc775ce64eaa10207df02ab993
  rspec-rails (7.1.1) sha256=e15dccabed211e2fd92f21330c819adcbeb1591c1d66c580d8f2d8288557e331
  rspec-support (3.13.3) sha256=2a61e393f6e18b7228726e0c6869c5d5a1419d37206116c4d917d145276b3f43
  rubocop (1.75.7) sha256=23566ebb25263f26020687f8abb8aec049f3e29b6a00bdf0aa9d1db16b558be9
  rubocop-ast (1.44.1) sha256=e3cc04203b2ef04f6d6cf5f85fe6d643f442b18cc3b23e3ada0ce5b6521b8e92
  rubocop-performance (1.25.0) sha256=6f7d03568a770054117a78d0a8e191cefeffb703b382871ca7743831b1a52ec1
  rubocop-rails (2.32.0) sha256=9fcc623c8722fe71e835e99c4a18b740b5b0d3fb69915d7f0777f00794b30490
  rubocop-rspec (3.6.0) sha256=c0e4205871776727e54dee9cc91af5fd74578001551ba40e1fe1a1ab4b404479
  rubocop-rspec_rails (2.31.0) sha256=775375e18a26a1184a812ef3054b79d218e85601b9ae897f38f8be24dddf1f45
  rubocop-shopify (2.17.0) sha256=84672f42de878b69759cdc277c0586db238c32fcae1bdc1e6d339cc21b10c4d5
  ruby-progressbar (1.13.0) sha256=80fc9c47a9b640d6834e0dc7b3c94c9df37f08cb072b7761e4a71e22cff29b33
  sass-rails (6.0.0) sha256=e0b6448ea1c7929fd5929fc7a8eb2d78045e44cc82fc0765a249d3fa1c5810d3
  sassc (2.4.0) sha256=4c60a2b0a3b36685c83b80d5789401c2f678c1652e3288315a1551d811d9f83e
  sassc-rails (2.1.2) sha256=5f4fdf3881fc9bdc8e856ffbd9850d70a2878866feae8114aa45996179952db5
  securerandom (0.4.1) sha256=cc5193d414a4341b6e225f0cb4446aceca8e50d5e1888743fac16987638ea0b1
  shoulda-matchers (6.5.0) sha256=ef6b572b2bed1ac4aba6ab2c5ff345a24b6d055a93a3d1c3bfc86d9d499e3f44
  slim (5.2.1) sha256=72351dff7e2ff20e2d5c393cfc385bb9142cef5db059141628fd7163ac3c13e7
  slim-rails (3.7.0) sha256=637dd3b07281bc6ee7e3395b153b26f04370dfac517058c334225818fffa1c96
  sprockets (4.2.2) sha256=761e5a49f1c288704763f73139763564c845a8f856d52fba013458f8af1b59b1
  sprockets-rails (3.5.2) sha256=a9e88e6ce9f8c912d349aa5401509165ec42326baf9e942a85de4b76dbc4119e
  steam-condenser (1.3.11) sha256=9377bb0d937c8113ab241494d0fcf812100cb01bb17f8375e314179e17cbdf9e
  stringio (3.1.7) sha256=5b78b7cb242a315fb4fca61a8255d62ec438f58da2b90be66048546ade4507fa
  temple (0.10.3) sha256=df3145fe6577af1e25387eb7f7122d32ed51bdb6f2e7bb0f4fbf07b66151913b
  thor (1.3.2) sha256=eef0293b9e24158ccad7ab383ae83534b7ad4ed99c09f96f1a6b036550abbeda
  tiddle (1.8.1) sha256=60696999622368bd47b87e5673f3b3113f4d7b51b0eb71f3642c9b5e2e7f1949
  tilt (2.6.0) sha256=263d748466e0d83e510aa1a2e2281eff547937f0ef06be33d3632721e255f76b
  timeout (0.4.3) sha256=9509f079b2b55fe4236d79633bd75e34c1c1e7e3fb4b56cb5fda61f80a0fe30e
  turbolinks (5.2.1) sha256=5fea5889c4e2a78a5bd9abda3860c565342b50c6e2593697d5558a08e15cce9c
  turbolinks-source (5.2.0) sha256=362a41fa851a22b0f15cf8f944b6c7c5788f645dc1f61ae25478bb25c3bc85d4
  tzinfo (2.0.6) sha256=8daf828cc77bcf7d63b0e3bdb6caa47e2272dcfaf4fbfe46f8c3a9df087a829b
  uglifier (4.2.1) sha256=75d42b81b10bfd21e7a427fabb1d49ff5ea7bda3c4a5039ddb2a78d194c6f5aa
  unicode-display_width (3.1.4) sha256=8caf2af1c0f2f07ec89ef9e18c7d88c2790e217c482bfc78aaa65eadd5415ac1
  unicode-emoji (4.0.4) sha256=2c2c4ef7f353e5809497126285a50b23056cc6e61b64433764a35eff6c36532a
  uniform_notifier (1.17.0) sha256=db4787ed2ad168ccb0ad4027a45811e1c9e2f8275682fee72697e6ce1c6d6ca7
  warden (1.2.9) sha256=46684f885d35a69dbb883deabf85a222c8e427a957804719e143005df7a1efd0
  web-console (4.2.1) sha256=e7bcf37a10ea2b4ec4281649d1cee461b32232d0a447e82c786e6841fd22fe20
  websocket-driver (0.8.0) sha256=ed0dba4b943c22f17f9a734817e808bc84cdce6a7e22045f5315aa57676d4962
  websocket-extensions (0.1.5) sha256=1c6ba63092cda343eb53fc657110c71c754c56484aad42578495227d717a8241
  whenever (1.0.0) sha256=d9b71417c43960f5eb125b77207174cba4691091cedae0d282a29cfc72eaa246
  zeitwerk (2.7.3) sha256=b2e86b4a9b57d26ba68a15230dcc7fe6f040f06831ce64417b0621ad96ba3e85

RUBY VERSION
   ruby 3.3.8p144

BUNDLED WITH
   2.6.9
